GEM
  remote: https://rubygems.org/
  specs:
    armor (0.0.3)
    aws-s3 (0.6.3)
      builder
      mime-types
      xml-simple
    builder (3.2.2)
    clap (1.0.0)
    coderay (1.1.0)
    cutest (1.2.2)
      clap
    dotenv (0.9.0)
    fakes3 (0.1.7)
      builder
      thor
    method_source (0.8.2)
    mime-types (2.4.3)
    mini_magick (4.1.0)
    pg (0.18.1)
    pry (0.10.1)
      coderay (~> 1.1.0)
      method_source (~> 0.8.1)
      slop (~> 3.4)
    rack (1.6.0)
    rack-protection (1.5.3)
      rack
    rack-test (0.6.3)
      rack (>= 1.0)
    scrivener (0.4.0)
    sequel (4.19.0)
    shield (2.1.1)
      armor
    shotgun (0.9)
      rack (>= 1.0)
    sinatra (1.4.5)
      rack (~> 1.4)
      rack-protection (~> 1.4)
      tilt (~> 1.3, >= 1.3.4)
    slop (3.6.0)
    sqlite3 (1.3.10)
    thor (0.19.1)
    tilt (1.4.1)
    xml-simple (1.1.4)

PLATFORMS
  ruby

DEPENDENCIES
  aws-s3 (~> 0.6)
  cutest (~> 1.2)
  dotenv
  fakes3
  mini_magick (~> 4.1)
  pg (~> 0.18)
  pry
  rack-test (~> 0.6)
  scrivener (~> 0.4)
  sequel (~> 4.19)
  shield (~> 2.1)
  shotgun
  sinatra
  sqlite3 (~> 1.3)
